GEM
  remote: https://rubygems.org/
  specs:
    addressable (2.7.0)
      public_suffix (>= 2.0.2, < 5.0)
    faraday (1.0.0)
      multipart-post (>= 1.2, < 3)
    httparty (0.17.3)
      mime-types (~> 3.0)
      multi_xml (>= 0.5.2)
    mime-types (3.3.1)
      mime-types-data (~> 3.2015)
    mime-types-data (3.2019.1009)
    mini_portile2 (2.4.0)
    multi_xml (0.6.0)
    multipart-post (2.1.1)
    nokogiri (1.10.7)
      mini_portile2 (~> 2.4.0)
    octokit (4.16.0)
      faraday (>= 0.9)
      sawyer (~> 0.8.0, >= 0.5.3)
    public_suffix (4.0.3)
    sawyer (0.8.2)
      addressable (>= 2.3.5)
      faraday (> 0.8, < 2.0)

PLATFORMS
  ruby

DEPENDENCIES
  httparty
  nokogiri
  octokit

BUNDLED WITH
   2.1.4
